GIT
  remote: git://github.com/hyp3rventures/carrierwave_backgrounder.git
  revision: ada0784c190be7b7fecb9576956c3d5b4ba1a839
  specs:
    carrierwave_backgrounder (0.4.2)
      carrierwave (>= 0.8, < 2.0)
      mime-types (~> 3.1)

GIT
  remote: git://github.com/svenfuchs/simple_states.git
  revision: 294d31319b1289bf6aeec67c183d71535046a073
  branch: v1.1.0.rc11
  specs:
    simple_states (1.1.0.rc11)
      activesupport

GIT
  remote: https://github.com/RandieM/honeypot-captcha
  revision: 10c0ad1874ca75a99be93efec3bd0129894c7fea
  branch: master
  specs:
    honeypot-captcha (0.0.3)

GIT
  remote: https://github.com/caring/sendgrid
  revision: 17e92032e1a85f31affbe32e972497ace8d9bc28
  specs:
    sendgrid (1.3.0.pre.caring)
      json

GIT
  remote: https://github.com/nyrf/activeadmin_medium_editor
  revision: 8c60d491b547581128b49d09e1446f1b373247da
  ref: 8c60d49
  specs:
    activeadmin_medium_editor (0.2.0)
      activeadmin (>= 1.0)

GEM
  remote: https://rubygems.org/
  specs:
    actioncable (6.0.3.2)
      actionpack (= 6.0.3.2)
      nio4r (~> 2.0)
      websocket-driver (>= 0.6.1)
    actionmailbox (6.0.3.2)
      actionpack (= 6.0.3.2)
      activejob (= 6.0.3.2)
      activerecord (= 6.0.3.2)
      activestorage (= 6.0.3.2)
      activesupport (= 6.0.3.2)
      mail (>= 2.7.1)
    actionmailer (6.0.3.2)
      actionpack (= 6.0.3.2)
      actionview (= 6.0.3.2)
      activejob (= 6.0.3.2)
      mail (~> 2.5, >= 2.5.4)
      rails-dom-testing (~> 2.0)
    actionpack (6.0.3.2)
      actionview (= 6.0.3.2)
      activesupport (= 6.0.3.2)
      rack (~> 2.0, >= 2.0.8)
      rack-test (>= 0.6.3)
      rails-dom-testing (~> 2.0)
      rails-html-sanitizer (~> 1.0, >= 1.2.0)
    actiontext (6.0.3.2)
      actionpack (= 6.0.3.2)
      activerecord (= 6.0.3.2)
      activestorage (= 6.0.3.2)
      activesupport (= 6.0.3.2)
      nokogiri (>= 1.8.5)
    actionview (6.0.3.2)
      activesupport (= 6.0.3.2)
      builder (~> 3.1)
      erubi (~> 1.4)
      rails-dom-testing (~> 2.0)
      rails-html-sanitizer (~> 1.1, >= 1.2.0)
    active_model_serializers (0.8.4)
      activemodel (>= 3.0)
    activeadmin (2.7.0)
      arbre (~> 1.2, >= 1.2.1)
      formtastic (~> 3.1)
      formtastic_i18n (~> 0.4)
      inherited_resources (~> 1.7)
      jquery-rails (~> 4.2)
      kaminari (~> 1.0, >= 1.0.1)
      railties (>= 5.2, < 6.1)
      ransack (~> 2.1, >= 2.1.1)
      sassc-rails (~> 2.1)
      sprockets (>= 3.0, < 4.1)
    activeadmin-ajax_filter (0.5.0)
      activeadmin (>= 1.0)
      coffee-rails (>= 4.1.0)
      has_scope (>= 0.6.0)
      rails (>= 5.0)
      selectize-rails (>= 0.12.6)
    activejob (6.0.3.2)
      activesupport (= 6.0.3.2)
      globalid (>= 0.3.6)
    activemodel (6.0.3.2)
      activesupport (= 6.0.3.2)
    activerecord (6.0.3.2)
      activemodel (= 6.0.3.2)
      activesupport (= 6.0.3.2)
    activestorage (6.0.3.2)
      actionpack (= 6.0.3.2)
      activejob (= 6.0.3.2)
      activerecord (= 6.0.3.2)
      marcel (~> 0.3.1)
    activesupport (6.0.3.2)
      concurrent-ruby (~> 1.0, >= 1.0.2)
      i18n (>= 0.7, < 2)
      minitest (~> 5.1)
      tzinfo (~> 1.1)
      zeitwerk (~> 2.2, >= 2.2.2)
    addressable (2.7.0)
      public_suffix (>= 2.0.2, < 5.0)
    arbre (1.2.1)
      activesupport (>= 3.0.0)
    ast (2.4.0)
    autoprefixer-rails (9.8.4)
      execjs
    bcrypt (3.1.13)
    benchmark-ips (2.7.2)
    better_errors (2.7.1)
      coderay (>= 1.0.0)
      erubi (>= 1.0.0)
      rack (>= 0.9.0)
    binding_of_caller (0.8.0)
      debug_inspector (>= 0.0.1)
    bootsnap (1.4.7)
      msgpack (~> 1.0)
    builder (3.2.4)
    capybara (3.33.0)
      addressable
      mini_mime (>= 0.1.3)
      nokogiri (~> 1.8)
      rack (>= 1.6.0)
      rack-test (>= 0.6.3)
      regexp_parser (~> 1.5)
      xpath (~> 3.2)
    carrierwave (1.3.1)
      activemodel (>= 4.0.0)
      activesupport (>= 4.0.0)
      mime-types (>= 1.16)
    childprocess (3.0.0)
    coderay (1.1.2)
    coffee-rails (5.0.0)
      coffee-script (>= 2.2.0)
      railties (>= 5.2.0)
    coffee-script (2.4.1)
      coffee-script-source
      execjs
    coffee-script-source (1.12.2)
    commonmarker (0.21.0)
      ruby-enum (~> 0.5)
    concurrent-ruby (1.1.7)
    connection_pool (2.2.3)
    crack (0.4.3)
      safe_yaml (~> 1.0.0)
    crass (1.0.6)
    css_parser (1.7.1)
      addressable
    dalli (2.7.10)
    damerau-levenshtein (1.3.2)
    database_cleaner (1.8.5)
    debug_inspector (0.0.3)
    derailed_benchmarks (1.7.0)
      benchmark-ips (~> 2)
      get_process_mem (~> 0)
      heapy (~> 0)
      memory_profiler (~> 0)
      mini_histogram (~> 0)
      rack (>= 1)
      rake (> 10, < 14)
      ruby-statistics (>= 2.1)
      thor (>= 0.19, < 2)
      unicode_plot (>= 0.0.4, < 1.0.0)
    devise (4.7.2)
      bcrypt (~> 3.0)
      orm_adapter (~> 0.1)
      railties (>= 4.1.0)
      responders
      warden (~> 1.2.3)
    diff-lcs (1.3)
    dotenv (2.7.6)
    dotenv-rails (2.7.6)
      dotenv (= 2.7.6)
      railties (>= 3.2)
    email_inquire (0.11.0)
      damerau-levenshtein (~> 1.2)
    email_spec (2.2.0)
      htmlentities (~> 4.3.3)
      launchy (~> 2.1)
      mail (~> 2.7)
    enumerable-statistics (2.0.1)
    erubi (1.9.0)
    et-orbi (1.2.4)
      tzinfo
    excon (0.75.0)
    execjs (2.7.0)
    factory_bot (5.2.0)
      activesupport (>= 4.2.0)
    factory_bot_rails (5.2.0)
      factory_bot (~> 5.2.0)
      railties (>= 4.2.0)
    ffi (1.12.2)
    fog-aws (3.6.6)
      fog-core (~> 2.1)
      fog-json (~> 1.1)
      fog-xml (~> 0.1)
      ipaddress (~> 0.8)
    fog-core (2.2.0)
      builder
      excon (~> 0.71)
      formatador (~> 0.2)
      mime-types
    fog-json (1.2.0)
      fog-core
      multi_json (~> 1.10)
    fog-xml (0.1.3)
      fog-core
      nokogiri (>= 1.5.11, < 2.0.0)
    font_assets (0.1.14)
      rack
    formatador (0.2.5)
    formtastic (3.1.5)
      actionpack (>= 3.2.13)
    formtastic_i18n (0.6.0)
    fugit (1.3.4)
      et-orbi (~> 1.1, >= 1.1.8)
      raabro (~> 1.1)
    gemoji (3.0.1)
    get_process_mem (0.2.5)
      ffi (~> 1.0)
    globalid (0.4.2)
      activesupport (>= 4.2.0)
    gravatarify (3.1.1)
    has_scope (0.7.2)
      actionpack (>= 4.1)
      activesupport (>= 4.1)
    hashdiff (1.0.1)
    heapy (0.1.4)
    heroku-deflater (0.6.3)
      rack (>= 1.4.5)
    honeybadger (4.7.2)
    html-pipeline (2.14.0)
      activesupport (>= 2)
      nokogiri (>= 1.4)
    htmlentities (4.3.4)
    httparty (0.18.1)
      mime-types (~> 3.0)
      multi_xml (>= 0.5.2)
    i18n (1.8.5)
      concurrent-ruby (~> 1.0)
    icalendar (2.6.1)
      ice_cube (~> 0.16)
    ice_cube (0.16.3)
    inherited_resources (1.11.0)
      actionpack (>= 5.0, < 6.1)
      has_scope (~> 0.6)
      railties (>= 5.0, < 6.1)
      responders (>= 2, < 4)
    ipaddress (0.8.3)
    jaro_winkler (1.5.4)
    jquery-rails (4.4.0)
      rails-dom-testing (>= 1, < 3)
      railties (>= 4.2.0)
      thor (>= 0.14, < 2.0)
    json (2.3.0)
    jsonb_accessor (1.0.0)
      activerecord (>= 5.0)
      activesupport (>= 5.0)
      pg (>= 0.18.1)
    kaminari (1.2.1)
      activesupport (>= 4.1.0)
      kaminari-actionview (= 1.2.1)
      kaminari-activerecord (= 1.2.1)
      kaminari-core (= 1.2.1)
    kaminari-actionview (1.2.1)
      actionview
      kaminari-core (= 1.2.1)
    kaminari-activerecord (1.2.1)
      activerecord
      kaminari-core (= 1.2.1)
    kaminari-core (1.2.1)
    launchy (2.5.0)
      addressable (~> 2.7)
    liquid (4.0.3)
    listen (3.2.1)
      rb-fsevent (~> 0.10, >= 0.10.3)
      rb-inotify (~> 0.9, >= 0.9.10)
    lograge (0.11.2)
      actionpack (>= 4)
      activesupport (>= 4)
      railties (>= 4)
      request_store (~> 1.0)
    loofah (2.6.0)
      crass (~> 1.0.2)
      nokogiri (>= 1.5.9)
    mail (2.7.1)
      mini_mime (>= 0.1.1)
    marcel (0.3.3)
      mimemagic (~> 0.3.2)
    memcachier (0.0.2)
    memory_profiler (0.9.14)
    method_source (1.0.0)
    mime-types (3.3.1)
      mime-types-data (~> 3.2015)
    mime-types-data (3.2020.0512)
    mimemagic (0.3.5)
    mini_histogram (0.1.3)
    mini_magick (4.10.1)
    mini_mime (1.0.2)
    mini_portile2 (2.4.0)
    minitest (5.14.1)
    msgpack (1.3.3)
    multi_json (1.14.1)
    multi_xml (0.6.0)
    newrelic_rpm (6.12.0.367)
    nio4r (2.5.2)
    nokogiri (1.10.10)
      mini_portile2 (~> 2.4.0)
    nokogumbo (2.0.2)
      nokogiri (~> 1.8, >= 1.8.4)
    orm_adapter (0.5.0)
    os (0.9.6)
    paper_trail (10.3.1)
      activerecord (>= 4.2)
      request_store (~> 1.1)
    parallel (1.19.1)
    parser (2.7.1.2)
      ast (~> 2.4.0)
    pg (1.2.3)
    piet (0.2.6)
      png_quantizator
    piet-binary (0.2.0)
      os (~> 0.9.6)
      piet (>= 0.2.0)
      png_quantizator
    png_quantizator (0.2.1)
    polyamorous (2.3.2)
      activerecord (>= 5.2.1)
    premailer (1.11.1)
      addressable
      css_parser (>= 1.6.0)
      htmlentities (>= 4.0.0)
    premailer-rails (1.11.1)
      actionmailer (>= 3)
      premailer (~> 1.7, >= 1.7.9)
    pry (0.13.1)
      coderay (~> 1.1)
      method_source (~> 1.0)
    pry-rails (0.3.9)
      pry (>= 0.10.4)
    public_suffix (4.0.5)
    puma (4.3.5)
      nio4r (~> 2.0)
    puma_worker_killer (0.1.1)
      get_process_mem (~> 0.2)
      puma (>= 2.7, < 5)
    raabro (1.1.6)
    rack (2.2.3)
    rack-canonical-host (1.0.0)
      addressable (> 0, < 3)
      rack (>= 1.0.0, < 3)
    rack-proxy (0.6.5)
      rack
    rack-test (1.1.0)
      rack (>= 1.0, < 3)
    rack-timeout (0.6.0)
    rails (6.0.3.2)
      actioncable (= 6.0.3.2)
      actionmailbox (= 6.0.3.2)
      actionmailer (= 6.0.3.2)
      actionpack (= 6.0.3.2)
      actiontext (= 6.0.3.2)
      actionview (= 6.0.3.2)
      activejob (= 6.0.3.2)
      activemodel (= 6.0.3.2)
      activerecord (= 6.0.3.2)
      activestorage (= 6.0.3.2)
      activesupport (= 6.0.3.2)
      bundler (>= 1.3.0)
      railties (= 6.0.3.2)
      sprockets-rails (>= 2.0.0)
    rails-dom-testing (2.0.3)
      activesupport (>= 4.2.0)
      nokogiri (>= 1.6)
    rails-html-sanitizer (1.3.0)
      loofah (~> 2.3)
    railties (6.0.3.2)
      actionpack (= 6.0.3.2)
      activesupport (= 6.0.3.2)
      method_source
      rake (>= 0.8.7)
      thor (>= 0.20.3, < 2.0)
    rainbow (3.0.0)
    rake (13.0.1)
    ransack (2.3.2)
      activerecord (>= 5.2.1)
      activesupport (>= 5.2.1)
      i18n
      polyamorous (= 2.3.2)
    rb-fsevent (0.10.4)
    rb-inotify (0.10.1)
      ffi (~> 1.0)
    recaptcha (5.5.0)
      json
    redis (4.2.1)
    redis-prescription (1.0.0)
    redlock (1.2.0)
      redis (>= 3.0.0, < 5.0)
    regexp_parser (1.7.1)
    request_store (1.5.0)
      rack (>= 1.4)
    responders (3.0.1)
      actionpack (>= 5.0)
      railties (>= 5.0)
    retries (0.0.5)
    rexml (3.2.4)
    rinku (2.0.6)
    rspec (3.9.0)
      rspec-core (~> 3.9.0)
      rspec-expectations (~> 3.9.0)
      rspec-mocks (~> 3.9.0)
    rspec-core (3.9.2)
      rspec-support (~> 3.9.3)
    rspec-expectations (3.9.2)
      diff-lcs (>= 1.2.0, < 2.0)
      rspec-support (~> 3.9.0)
    rspec-mocks (3.9.1)
      diff-lcs (>= 1.2.0, < 2.0)
      rspec-support (~> 3.9.0)
    rspec-rails (4.0.1)
      actionpack (>= 4.2)
      activesupport (>= 4.2)
      railties (>= 4.2)
      rspec-core (~> 3.9)
      rspec-expectations (~> 3.9)
      rspec-mocks (~> 3.9)
      rspec-support (~> 3.9)
    rspec-rails-time-metadata (0.1.0)
      activesupport (>= 4.1.0)
      rspec (~> 3.0)
    rspec-support (3.9.3)
    rubocop (0.80.1)
      jaro_winkler (~> 1.5.1)
      parallel (~> 1.10)
      parser (>= 2.7.0.1)
      rainbow (>= 2.2.2, < 4.0)
      rexml
      ruby-progressbar (~> 1.7)
      unicode-display_width (>= 1.4.0, < 1.7)
    rubocop-performance (1.5.2)
      rubocop (>= 0.71.0)
    ruby-enum (0.8.0)
      i18n
    ruby-progressbar (1.10.1)
    ruby-statistics (2.1.2)
    ruby_http_client (3.5.0)
    rubyzip (2.3.0)
    rufus-scheduler (3.6.0)
      fugit (~> 1.1, >= 1.1.6)
    safe_yaml (1.0.5)
    sanitize (5.2.1)
      crass (~> 1.0.2)
      nokogiri (>= 1.8.0)
      nokogumbo (~> 2.0)
    sassc (2.3.0)
      ffi (~> 1.9)
    sassc-rails (2.1.2)
      railties (>= 4.0.0)
      sassc (>= 2.0)
      sprockets (> 3.0)
      sprockets-rails
      tilt
    selectize-rails (0.12.6)
    selenium-webdriver (3.142.7)
      childprocess (>= 0.5, < 4.0)
      rubyzip (>= 1.2.2)
    semantic_range (2.3.0)
    sendgrid-ruby (6.2.1)
      ruby_http_client (~> 3.4)
    shoulda-matchers (4.3.0)
      activesupport (>= 4.2.0)
    sidecloq (0.4.8)
      concurrent-ruby
      redlock (>= 0.2.0, < 2)
      rufus-scheduler (~> 3.1, >= 3.1.10)
      sidekiq (>= 3.5.4, < 7)
    sidekiq (6.1.1)
      connection_pool (>= 2.2.2)
      rack (~> 2.0)
      redis (>= 4.2.0)
    sidekiq-throttled (0.13.0)
      concurrent-ruby
      redis-prescription
      sidekiq
    skylight (4.3.1)
      skylight-core (= 4.3.1)
    skylight-core (4.3.1)
      activesupport (>= 4.2.0)
    slim (4.0.1)
      temple (>= 0.7.6, < 0.9)
      tilt (>= 2.0.6, < 2.1)
    slim-rails (3.2.0)
      actionpack (>= 3.1)
      railties (>= 3.1)
      slim (>= 3.0, < 5.0)
    sprockets (4.0.2)
      concurrent-ruby (~> 1.0)
      rack (> 1, < 3)
    sprockets-rails (3.2.1)
      actionpack (>= 4.0)
      activesupport (>= 4.0)
      sprockets (>= 3.0.0)
    standard (0.2.5)
      rubocop (~> 0.80.1)
      rubocop-performance (~> 1.5.2)
    standardrb (1.0.0)
      standard
    temple (0.8.2)
    textacular (5.3.0)
      activerecord (>= 5.0, < 6.1)
    thor (1.0.1)
    thread_safe (0.3.6)
    tilt (2.0.10)
    truncato (0.7.11)
      htmlentities (~> 4.3.1)
      nokogiri (>= 1.7.0, <= 2.0)
    tzinfo (1.2.7)
      thread_safe (~> 0.1)
    uglifier (4.2.0)
      execjs (>= 0.3.0, < 3)
    unicode-display_width (1.6.1)
    unicode_plot (0.0.4)
      enumerable-statistics (>= 2.0.1)
    utf8-cleaner (1.0.0)
      activesupport
    validate_url (1.0.11)
      activemodel (>= 3.0.0)
      public_suffix
    vcr (6.0.0)
    warden (1.2.8)
      rack (>= 2.0.6)
    webdrivers (4.4.1)
      nokogiri (~> 1.6)
      rubyzip (>= 1.3.0)
      selenium-webdriver (>= 3.0, < 4.0)
    webmock (3.8.3)
      addressable (>= 2.3.6)
      crack (>= 0.3.2)
      hashdiff (>= 0.4.0, < 2.0.0)
    webpacker (5.1.1)
      activesupport (>= 5.2)
      rack-proxy (>= 0.6.1)
      railties (>= 5.2)
      semantic_range (>= 2.3.0)
    websocket-driver (0.7.2)
      websocket-extensions (>= 0.1.0)
    websocket-extensions (0.1.5)
    xpath (3.2.0)
      nokogiri (~> 1.8)
    zeitwerk (2.4.0)

PLATFORMS
  ruby

DEPENDENCIES
  active_model_serializers (~> 0.8.0)
  activeadmin
  activeadmin-ajax_filter
  activeadmin_medium_editor!
  addressable
  autoprefixer-rails
  better_errors
  binding_of_caller
  bootsnap
  capybara
  carrierwave
  carrierwave_backgrounder!
  commonmarker
  dalli
  database_cleaner
  derailed_benchmarks
  devise
  dotenv-rails
  email_inquire
  email_spec
  factory_bot_rails
  fog-aws
  font_assets
  gemoji
  gravatarify
  heroku-deflater
  honeybadger
  honeypot-captcha!
  html-pipeline
  httparty
  icalendar
  jsonb_accessor
  liquid
  listen
  lograge
  memcachier
  mime-types (>= 2.6.1)
  mini_magick
  newrelic_rpm
  paper_trail
  pg
  piet
  piet-binary
  premailer-rails
  pry-rails
  puma
  puma_worker_killer
  rack-canonical-host
  rack-timeout
  rails (~> 6.0.3)
  rake
  recaptcha
  responders
  retries
  rinku
  rspec-rails
  rspec-rails-time-metadata
  sanitize
  sassc-rails
  selenium-webdriver
  sendgrid!
  sendgrid-ruby
  shoulda-matchers
  sidecloq
  sidekiq
  sidekiq-throttled
  simple_states!
  skylight
  slim-rails
  standardrb
  textacular
  truncato
  uglifier
  utf8-cleaner
  validate_url
  vcr
  webdrivers
  webmock
  webpacker

RUBY VERSION
   ruby 2.5.3p105

BUNDLED WITH
   1.17.3
